GIT
  remote: git://github.com/Nerian/bootstrap-datepicker-rails.git
  revision: fb0700d197540f1a84b54f5d1e0606ddace2732a
  specs:
    bootstrap-datepicker-rails (1.3.0.2)
      railties (>= 3.0)

GIT
  remote: git://github.com/alessani/bootstrap-colorpicker-rails.git
  revision: fc32b46d4449bb594ba744b84820fdfdad903973
  specs:
    bootstrap-colorpicker-rails (0.3.1)
      railties (>= 3.0)

GIT
  remote: git://github.com/ifad/data-confirm-modal.git
  revision: 4ff42d938b206d4984fff49bd5138619a30e4675
  specs:
    data-confirm-modal (1.0.1)
      railties (>= 3.0)

GIT
  remote: git://github.com/jnicklas/carrierwave-mongoid.git
  revision: 4b147da1e554216bd24926458bda799c2b71d991
  specs:
    carrierwave-mongoid (0.7.1)
      carrierwave (>= 0.8.0, < 0.11.0)
      mongoid (>= 3.0, < 5.0)
      mongoid-grid_fs (>= 1.3, < 3.0)

GIT
  remote: git://github.com/jnicklas/carrierwave.git
  revision: 31fb1902d746041364a6a373c0ab8b0712681910
  specs:
    carrierwave (0.10.0)
      activemodel (>= 3.2.0)
      activesupport (>= 3.2.0)
      json (>= 1.7)
      mime-types (>= 1.16)

GIT
  remote: git://github.com/mongoid/mongoid.git
  revision: 11e45e5a30a45458b83db99ab6c9d9ccc337e66f
  ref: 11e45e5a30a45458b83db99ab6c9d9ccc337e66f
  specs:
    mongoid (4.0.0)
      activemodel (~> 4.0.0.rc1)
      moped (~> 1.4)
      origin (~> 1.0)
      tzinfo (~> 0.3.22)

GIT
  remote: git://github.com/probablycorey/mini_magick.git
  revision: f309fbf390cd21a845264bca9bec95b9bdae8029
  specs:
    mini_magick (3.4)
      subexec (~> 0.2.1)

GIT
  remote: git://github.com/rorlab/summernote-rails.git
  revision: 979e31518a6f2949bb429e1d49dc8ea490209c45
  specs:
    summernote-rails (0.5.0)
      railties (>= 3.1)

GIT
  remote: git://github.com/yourabi/twitter-typeahead-rails.git
  revision: b9e407f9a4224f0840b60a523a2df42eeca7dfe7
  specs:
    twitter-typeahead-rails (0.10.2)
      actionpack (>= 3.1)
      jquery-rails
      railties (>= 3.1)

GIT
  remote: https://github.com/weppos/breadcrumbs_on_rails.git
  revision: b0f7469d8aab74a41907ee2406d4e59a93c72daa
  specs:
    breadcrumbs_on_rails (2.3.0)

GEM
  remote: http://ruby.taobao.org/
  specs:
    actionmailer (4.0.0)
      actionpack (= 4.0.0)
      mail (~> 2.5.3)
    actionpack (4.0.0)
      activesupport (= 4.0.0)
      builder (~> 3.1.0)
      erubis (~> 2.7.0)
      rack (~> 1.5.2)
      rack-test (~> 0.6.2)
    activemodel (4.0.0)
      activesupport (= 4.0.0)
      builder (~> 3.1.0)
    activerecord (4.0.0)
      activemodel (= 4.0.0)
      activerecord-deprecated_finders (~> 1.0.2)
      activesupport (= 4.0.0)
      arel (~> 4.0.0)
    activerecord-deprecated_finders (1.0.3)
    activesupport (4.0.0)
      i18n (~> 0.6, >= 0.6.4)
      minitest (~> 4.2)
      multi_json (~> 1.3)
      thread_safe (~> 0.1)
      tzinfo (~> 0.3.37)
    arel (4.0.2)
    bcrypt (3.1.7)
    bcrypt-ruby (3.1.5)
      bcrypt (>= 3.1.3)
    bootstrap-kaminari-views (0.0.3)
      kaminari (>= 0.13)
      rails (>= 3.1)
    bootstrap-sass (3.1.1.1)
      sass (~> 3.2)
    bootstrap-select-rails (1.3.0.1)
    bootstrap_helper (4.2.3)
      railties (>= 4.0.0)
      thor (~> 0.14)
      will_paginate (>= 3.0.3)
    bson (1.10.0)
    bson_ext (1.10.0)
      bson (~> 1.10.0)
    builder (3.1.4)
    capybara (2.1.0)
      mime-types (>= 1.16)
      nokogiri (>= 1.3.3)
      rack (>= 1.0.0)
      rack-test (>= 0.5.4)
      xpath (~> 2.0)
    cells (3.10.1)
      actionpack (>= 3.0)
      railties (>= 3.0)
      uber (~> 0.0.4)
    childprocess (0.5.2)
      ffi (~> 1.0, >= 1.0.11)
    coffee-rails (4.0.0)
      coffee-script (>= 2.2.0)
      railties (>= 4.0.0.beta, < 5.0)
    coffee-script (2.2.0)
      coffee-script-source
      execjs
    coffee-script-source (1.7.0)
    daemons (1.1.9)
    database_cleaner (1.2.0)
    devise (3.0.1)
      bcrypt-ruby (~> 3.0)
      orm_adapter (~> 0.1)
      railties (>= 3.2.6, < 5)
      warden (~> 1.2.3)
    devise-encryptable (0.1.2)
      devise (>= 2.1.0)
    diff-lcs (1.2.5)
    em-synchrony (1.0.3)
      eventmachine (>= 1.0.0.beta.1)
    erubis (2.7.0)
    eventmachine (1.0.3)
    execjs (2.0.2)
    factory_girl (4.4.0)
      activesupport (>= 3.0.0)
    factory_girl_rails (4.4.1)
      factory_girl (~> 4.4.0)
      railties (>= 3.0.0)
    faker (1.1.2)
      i18n (~> 0.5)
    faye-websocket (0.7.2)
      eventmachine (>= 0.12.0)
      websocket-driver (>= 0.3.1)
    ffi (1.9.3)
    fine-uploader-rails (3.2)
      actionpack (>= 3.1)
      railties (>= 3.1)
    font-awesome-sass (4.0.3.1)
      sass (~> 3.2)
    fullcalendar-rails (1.6.4.0)
    handlebars_assets (0.15)
      execjs (>= 1.2.9)
      multi_json
      sprockets (>= 2.0.3)
      tilt
    hike (1.2.3)
    hiredis (0.5.2)
    i18n (0.6.9)
    jbuilder (1.0.2)
      activesupport (>= 3.0.0)
    jquery-inputmask-rails (2.5.5)
    jquery-rails (2.2.1)
      railties (>= 3.0, < 5.0)
      thor (>= 0.14, < 2.0)
    jquery-ui-rails (4.2.1)
      railties (>= 3.2.16)
    json (1.8.1)
    kaminari (0.15.1)
      actionpack (>= 3.0.0)
      activesupport (>= 3.0.0)
    mail (2.5.4)
      mime-types (~> 1.16)
      treetop (~> 1.4.8)
    messengerjs-rails (1.3.6.2)
    mime-types (1.25.1)
    mini_portile (0.5.3)
    minitest (4.7.5)
    mongoid-grid_fs (2.1.0)
      mime-types (>= 1.0, < 3.0)
      mongoid (>= 3.0, < 5.0)
    mongoid-rspec (1.8.2)
      mongoid (>= 3.0.1)
      rake
      rspec (>= 2.9)
    mongoid_rails_migrations (1.0.0)
      activesupport (>= 3.2.0)
      bundler (>= 1.0.0)
      rails (>= 3.2.0)
      railties (>= 3.2.0)
    moped (1.5.2)
    multi_json (1.9.2)
    nokogiri (1.6.1)
      mini_portile (~> 0.5.0)
    origin (1.1.0)
    orm_adapter (0.5.0)
    pace-rails (0.1.0)
      jquery-rails
    polyglot (0.3.4)
    rack (1.5.2)
    rack-test (0.6.2)
      rack (>= 1.0)
    rails (4.0.0)
      actionmailer (= 4.0.0)
      actionpack (= 4.0.0)
      activerecord (= 4.0.0)
      activesupport (= 4.0.0)
      bundler (>= 1.3.0, < 2.0)
      railties (= 4.0.0)
      sprockets-rails (~> 2.0.0)
    rails-i18n (4.0.2)
      i18n (~> 0.6)
      rails (>= 4.0)
    railties (4.0.0)
      actionpack (= 4.0.0)
      activesupport (= 4.0.0)
      rake (>= 0.8.7)
      thor (>= 0.18.1, < 2.0)
    rake (10.3.1)
    rdoc (3.12.2)
      json (~> 1.4)
    redis (3.0.7)
    redis-objects (0.9.1)
      redis (>= 3.0.2)
    rspec (2.13.0)
      rspec-core (~> 2.13.0)
      rspec-expectations (~> 2.13.0)
      rspec-mocks (~> 2.13.0)
    rspec-cells (0.1.10)
      cells (>= 3.4.0)
      railties (>= 3.0)
      rspec-rails (>= 2.2.0)
    rspec-core (2.13.1)
    rspec-expectations (2.13.0)
      diff-lcs (>= 1.1.3, < 2.0)
    rspec-mocks (2.13.1)
    rspec-rails (2.13.1)
      actionpack (>= 3.0)
      activesupport (>= 3.0)
      railties (>= 3.0)
      rspec-core (~> 2.13.0)
      rspec-expectations (~> 2.13.0)
      rspec-mocks (~> 2.13.0)
    rubyzip (0.9.9)
    sass (3.2.19)
    sass-rails (4.0.3)
      railties (>= 4.0.0, < 5.0)
      sass (~> 3.2.0)
      sprockets (~> 2.8, <= 2.11.0)
      sprockets-rails (~> 2.0)
    sdoc (0.3.20)
      json (>= 1.1.3)
      rdoc (~> 3.10)
    select2-rails (3.5.4)
      thor (~> 0.14)
    selenium-webdriver (2.35.1)
      childprocess (>= 0.2.5)
      multi_json (~> 1.0)
      rubyzip (< 1.0.0)
      websocket (~> 1.0.4)
    simple_enum (1.6.8)
      activesupport (>= 3.0.0)
    simple_form (3.0.2)
      actionpack (~> 4.0)
      activemodel (~> 4.0)
    sprockets (2.11.0)
      hike (~> 1.2)
      multi_json (~> 1.0)
      rack (~> 1.0)
      tilt (~> 1.1, != 1.3.0)
    sprockets-rails (2.0.1)
      actionpack (>= 3.0)
      activesupport (>= 3.0)
      sprockets (~> 2.8)
    subexec (0.2.3)
    tagmanager-rails (3.0.1.0)
      railties (>= 3.0, < 5.0)
    thin (1.6.2)
      daemons (>= 1.0.9)
      eventmachine (>= 1.0.0)
      rack (>= 1.0.0)
    thor (0.19.1)
    thread_safe (0.3.3)
    tilt (1.4.1)
    treetop (1.4.15)
      polyglot
      polyglot (>= 0.3.1)
    truncate_html (0.9.2)
    turbolinks (1.1.1)
      coffee-rails
    tzinfo (0.3.39)
    uber (0.0.4)
    uglifier (2.1.1)
      execjs (>= 0.3.0)
      multi_json (~> 1.0, >= 1.0.2)
    warden (1.2.3)
      rack (>= 1.0)
    websocket (1.0.7)
    websocket-driver (0.3.2)
    websocket-rails (0.7.0)
      em-synchrony
      faye-websocket
      hiredis
      rack
      rails
      redis
      redis-objects
      thin
    will_paginate (3.0.5)
    xpath (2.0.0)
      nokogiri (~> 1.3)

PLATFORMS
  ruby

DEPENDENCIES
  bootstrap-colorpicker-rails!
  bootstrap-datepicker-rails!
  bootstrap-kaminari-views
  bootstrap-sass (~> 3.1.1)
  bootstrap-select-rails
  bootstrap_helper
  breadcrumbs_on_rails!
  bson_ext
  capybara (= 2.1.0)
  carrierwave!
  carrierwave-mongoid!
  cells
  coffee-rails (= 4.0.0)
  data-confirm-modal!
  database_cleaner
  devise (= 3.0.1)
  devise-encryptable (= 0.1.2)
  factory_girl_rails
  faker (~> 1.1.2)
  fine-uploader-rails (~> 3.2)
  font-awesome-sass
  fullcalendar-rails
  handlebars_assets
  jbuilder (= 1.0.2)
  jquery-inputmask-rails
  jquery-rails (= 2.2.1)
  jquery-ui-rails
  kaminari
  messengerjs-rails (~> 1.3.6.2)
  mini_magick!
  mongoid!
  mongoid-grid_fs
  mongoid-rspec
  mongoid_rails_migrations (= 1.0.0)
  pace-rails
  rails (= 4.0.0)
  rails-i18n (~> 4.0.0.pre)
  rspec-cells
  rspec-rails (= 2.13.1)
  sass-rails (~> 4.0.0)
  sdoc (= 0.3.20)
  select2-rails
  selenium-webdriver (~> 2.35.1)
  simple_enum
  simple_form
  summernote-rails!
  tagmanager-rails
  truncate_html (~> 0.9.2)
  turbolinks (= 1.1.1)
  twitter-typeahead-rails!
  uglifier (= 2.1.1)
  websocket-rails
